GEM
  remote: https://rubygems.org/
  specs:
    addressable (2.8.7)
      public_suffix (>= 2.0.2, < 7.0)
    ast (2.4.3)
    aws-eventstream (1.4.0)
    aws-partitions (1.1113.0)
    aws-sdk-cognitoidentityprovider (1.123.0)
      aws-sdk-core (~> 3, >= 3.225.0)
      aws-sigv4 (~> 1.5)
    aws-sdk-core (3.225.1)
      aws-eventstream (~> 1, >= 1.3.0)
      aws-partitions (~> 1, >= 1.992.0)
      aws-sigv4 (~> 1.9)
      base64
      jmespath (~> 1, >= 1.6.1)
      logger
    aws-sdk-dynamodb (1.145.0)
      aws-sdk-core (~> 3, >= 3.225.0)
      aws-sigv4 (~> 1.5)
    aws-sdk-eventbridge (1.83.0)
      aws-sdk-core (~> 3, >= 3.225.0)
      aws-sigv4 (~> 1.5)
    aws-sdk-kms (1.104.0)
      aws-sdk-core (~> 3, >= 3.225.0)
      aws-sigv4 (~> 1.5)
    aws-sdk-s3 (1.189.0)
      aws-sdk-core (~> 3, >= 3.225.0)
      aws-sdk-kms (~> 1)
      aws-sigv4 (~> 1.5)
    aws-sdk-sns (1.100.0)
      aws-sdk-core (~> 3, >= 3.225.0)
      aws-sigv4 (~> 1.5)
    aws-sdk-ssm (1.196.0)
      aws-sdk-core (~> 3, >= 3.225.0)
      aws-sigv4 (~> 1.5)
    aws-sigv4 (1.12.0)
      aws-eventstream (~> 1, >= 1.0.2)
    base64 (0.3.0)
    bibtex-ruby (6.1.0)
      latex-decode (~> 0.0)
      racc (~> 1.7)
    bigdecimal (3.2.2)
    cgi (0.5.0)
    citeproc (1.1.0)
      date
      forwardable
      json
      namae (~> 1.0)
      observer (< 1.0)
      open-uri (< 1.0)
    citeproc-ruby (2.1.1)
      citeproc (~> 1.0, >= 1.0.9)
      csl (~> 2.0)
      observer (< 1.0)
    csl (2.1.0)
      forwardable (~> 1.3)
      namae (~> 1.2)
      open-uri (< 1.0)
      rexml (~> 3.0)
      set (~> 1.1)
      singleton (< 1.0)
      time (< 1.0)
    csl-styles (2.0.1)
      csl (~> 2.0)
    date (3.4.1)
    diff-lcs (1.6.2)
    digest (3.2.0)
    faraday (2.13.1)
      faraday-net_http (>= 2.0, < 3.5)
      json
      logger
    faraday-net_http (3.4.0)
      net-http (>= 0.5.0)
    forwardable (1.3.3)
    httparty (0.21.0)
      mini_mime (>= 1.0.0)
      multi_xml (>= 0.5.2)
    jmespath (1.6.2)
    json (2.12.2)
    json-schema (3.0.0)
      addressable (>= 2.8)
    language_server-protocol (3.17.0.5)
    latex-decode (0.4.0)
    lint_roller (1.1.0)
    logger (1.7.0)
    mini_mime (1.1.5)
    multi_json (1.15.0)
    multi_xml (0.7.2)
      bigdecimal (~> 3.1)
    namae (1.2.0)
      racc (~> 1.7)
    net-http (0.6.0)
      uri
    observer (0.1.2)
    open-uri (0.5.0)
      stringio
      time
      uri
    opensearch-aws-sigv4 (1.3.0)
      aws-sigv4 (>= 1)
      opensearch-ruby (>= 1.0.1, < 4.0)
    opensearch-ruby (3.4.0)
      faraday (>= 1.0, < 3)
      multi_json (>= 1.0)
    parallel (1.27.0)
    parser (3.3.8.0)
      ast (~> 2.4.1)
      racc
    prism (1.4.0)
    public_suffix (6.0.2)
    racc (1.8.1)
    rainbow (3.1.1)
    regexp_parser (2.10.0)
    rexml (3.4.1)
    rspec (3.13.1)
      rspec-core (~> 3.13.0)
      rspec-expectations (~> 3.13.0)
      rspec-mocks (~> 3.13.0)
    rspec-core (3.13.4)
      rspec-support (~> 3.13.0)
    rspec-expectations (3.13.5)
      diff-lcs (>= 1.2.0, < 2.0)
      rspec-support (~> 3.13.0)
    rspec-mocks (3.13.5)
      diff-lcs (>= 1.2.0, < 2.0)
      rspec-support (~> 3.13.0)
    rspec-support (3.13.4)
    rubocop (1.76.1)
      json (~> 2.3)
      language_server-protocol (~> 3.17.0.2)
      lint_roller (~> 1.1.0)
      parallel (~> 1.10)
      parser (>= 3.3.0.2)
      rainbow (>= 2.2.2, < 4.0)
      regexp_parser (>= 2.9.3, < 3.0)
      rubocop-ast (>= 1.45.0, < 2.0)
      ruby-progressbar (~> 1.7)
      unicode-display_width (>= 2.4.0, < 4.0)
    rubocop-ast (1.45.1)
      parser (>= 3.3.7.2)
      prism (~> 1.4)
    rubocop-rspec (3.6.0)
      lint_roller (~> 1.1)
      rubocop (~> 1.72, >= 1.72.1)
    ruby-progressbar (1.13.0)
    rubyzip (2.4.1)
    set (1.1.2)
    singleton (0.3.0)
    stringio (3.1.7)
    text (1.3.1)
    time (0.4.1)
      date
    uc3-dmp-api-core (0.0.30)
      aws-sdk-sns (~> 1.60)
      aws-sdk-ssm (~> 1.150)
      json (~> 2.6)
      logger (~> 1.4)
    uc3-dmp-citation (0.0.22)
    uc3-dmp-cloudwatch (0.1.8)
    uc3-dmp-cognito (0.0.14)
      aws-sdk-cognitoidentityprovider (~> 1.73)
      json (~> 2.6)
    uc3-dmp-dynamo (0.0.27)
      aws-sdk-dynamodb (~> 1.83)
      json (~> 2.6)
      logger (~> 1.4)
    uc3-dmp-event-bridge (0.0.11)
      aws-sdk-eventbridge (~> 1.44)
      json (~> 2.6)
      logger (~> 1.4)
    uc3-dmp-external-api (0.0.25)
      aws-sdk-sns (~> 1.60)
      aws-sdk-ssm (~> 1.150)
      httparty (~> 0.21.0)
      json (~> 2.6)
    uc3-dmp-id (0.1.91)
      json (~> 2.6)
      json-schema (~> 3.0)
      text (~> 1.3)
      uc3-dmp-citation (~> 0.0)
      uc3-dmp-dynamo (~> 0.0)
      uc3-dmp-event-bridge (~> 0.0)
      uc3-dmp-external-api (~> 0.0)
    uc3-dmp-provenance (0.0.18)
      json (~> 2.6)
      uc3-dmp-cognito (~> 0.0)
      uc3-dmp-dynamo (~> 0.0)
    uc3-dmp-s3 (0.0.10)
      aws-sdk-s3 (~> 1.119)
      base64 (~> 0.1)
      cgi (~> 0.3)
    unicode-display_width (3.1.4)
      unicode-emoji (~> 4.0, >= 4.0.4)
    unicode-emoji (4.0.4)
    uri (1.0.3)
    zip (2.0.2)

PLATFORMS
  arm64-darwin-22
  ruby

DEPENDENCIES
  aws-sdk-cognitoidentityprovider
  aws-sdk-dynamodb
  aws-sdk-eventbridge
  aws-sdk-s3
  aws-sdk-sns
  aws-sdk-ssm
  bibtex-ruby
  citeproc-ruby
  csl-styles
  digest
  httparty
  json-schema
  opensearch-aws-sigv4
  opensearch-ruby
  rspec
  rubocop
  rubocop-rspec
  rubyzip
  text
  uc3-dmp-api-core
  uc3-dmp-citation
  uc3-dmp-cloudwatch
  uc3-dmp-external-api
  uc3-dmp-id
  uc3-dmp-provenance
  uc3-dmp-s3
  zip

RUBY VERSION
   ruby 3.2.2p53

BUNDLED WITH
   2.5.13
